GEM
  remote: https://rubygems.org/
  specs:
    rake (13.0.1)
    trollop (2.9.10)

PLATFORMS
  ruby

DEPENDENCIES
  rake
  trollop

BUNDLED WITH
   1.17.2
